GEM
  remote: http://rubygems.org/
  remote: http://rubygems.org/
  specs:
    albacore (0.1.5)
      net-sftp (>= 2.0.2)
      net-ssh (>= 2.0.15)
      rake (>= 0.8.7)
      rubyzip (>= 0.9.1)
    git (1.2.5)
    maventhought.commons (0.2.0.0)
    maventhought.testing (0.2.0.0)
    net-sftp (2.0.5)
      net-ssh (>= 2.0.9)
    net-ssh (2.0.23)
    rake (0.8.7)
    rubyzip (0.9.4)
    sharptestsex (1.0.0.0.20100911)

PLATFORMS
  x86-mingw32

DEPENDENCIES
  albacore
  git
  maventhought.commons
  maventhought.testing
  sharptestsex
